GEM
  remote: https://rubygems.org/
  specs:
    hologram (1.4.0)
      redcarpet (>= 2.2, < 4.0)
      rouge (>= 1.5)
    redcarpet (3.5.1)
    rouge (2.0.7)

PLATFORMS
  ruby

DEPENDENCIES
  hologram
  redcarpet (>= 3.5.1)

RUBY VERSION
   ruby 2.5.1p57

BUNDLED WITH
   1.16.6
